GEM
  remote: https://rubygems.org/
  specs:
    addressable (2.7.0)
      public_suffix (>= 2.0.2, < 5.0)
    client-api (0.4.1)
      json-schema (~> 2.8)
      logger (~> 1.0)
    diff-lcs (1.4.4)
    ffaker (2.14.0)
    json-schema (2.8.1)
      addressable (>= 2.4)
    logger (1.4.2)
    public_suffix (4.0.5)
    require_all (3.0.0)
    rspec (3.9.0)
      rspec-core (~> 3.9.0)
      rspec-expectations (~> 3.9.0)
      rspec-mocks (~> 3.9.0)
    rspec-core (3.9.2)
      rspec-support (~> 3.9.3)
    rspec-expectations (3.9.2)
      diff-lcs (>= 1.2.0, < 2.0)
      rspec-support (~> 3.9.0)
    rspec-mocks (3.9.1)
      diff-lcs (>= 1.2.0, < 2.0)
      rspec-support (~> 3.9.0)
    rspec-support (3.9.3)
    rspec_junit_formatter (0.4.1)
      rspec-core (>= 2, < 4, != 2.12.0)

PLATFORMS
  ruby

DEPENDENCIES
  client-api
  ffaker
  require_all
  rspec
  rspec_junit_formatter

RUBY VERSION
   ruby 2.6.3p62

BUNDLED WITH
   2.1.4
